NUGET
  remote: https://nuget.org/api/v2
  specs:
    FAKE (3.13.3)
    Microsoft.Bcl (1.1.9)
      Microsoft.Bcl.Build (>= 1.0.14)
    Microsoft.Bcl.Build (1.0.21)
    Microsoft.Net.Http (2.2.28)
      Microsoft.Bcl (>= 1.1.9)
      Microsoft.Bcl.Build (>= 1.0.14)
    NuGet.CommandLine (2.8.3)
    Octokit (0.6.2)
      Microsoft.Net.Http
GITHUB
  remote: fsharp/FAKE
  specs:
    modules/Octokit/Octokit.fsx (ce996a8837bd533f89245eaa76c70ec1c495e0d0)
      Octokit